GEM
  remote: https://rubygems.org/
  specs:
    base64 (0.2.0)
    coderay (1.1.3)
    method_source (1.1.0)
    mustermann (3.0.0)
      ruby2_keywords (~> 0.0.1)
    pry (0.14.2)
      coderay (~> 1.1)
      method_source (~> 1.0)
    rack (3.1.7)
    rack-protection (4.0.0)
      base64 (>= 0.1.0)
      rack (>= 3.0.0, < 4)
    rack-session (2.0.0)
      rack (>= 3.0.0)
    ruby2_keywords (0.0.5)
    sinatra (4.0.0)
      mustermann (~> 3.0)
      rack (>= 3.0.0, < 4)
      rack-protection (= 4.0.0)
      rack-session (>= 2.0.0, < 3)
      tilt (~> 2.0)
    tilt (2.4.0)

PLATFORMS
  ruby

DEPENDENCIES
  pry
  sinatra

BUNDLED WITH
   2.5.3
